GEM
  remote: https://rubygems.org/
  specs:
    RubyInline (3.12.4)
      ZenTest (~> 4.3)
    ZenTest (4.11.0)
    activesupport (4.2.3)
      i18n (~> 0.7)
      json (~> 1.7, >= 1.7.7)
      minitest (~> 5.1)
      thread_safe (~> 0.3, >= 0.3.4)
      tzinfo (~> 1.1)
    addressable (2.3.8)
    claide (0.9.1)
    cocoapods (0.38.0)
      activesupport (>= 3.2.15)
      claide (~> 0.9.1)
      cocoapods-core (= 0.38.0)
      cocoapods-downloader (~> 0.9.1)
      cocoapods-plugins (~> 0.4.2)
      cocoapods-stats (~> 0.5.3)
      cocoapods-trunk (~> 0.6.1)
      cocoapods-try (~> 0.4.5)
      colored (~> 1.2)
      escape (~> 0.0.4)
      molinillo (~> 0.3.0)
      nap (~> 0.8)
      xcodeproj (~> 0.26.2)
    cocoapods-core (0.38.0)
      activesupport (>= 3.2.15)
      fuzzy_match (~> 2.0.4)
      nap (~> 0.8.0)
    cocoapods-downloader (0.9.1)
    cocoapods-keys (1.2.1)
      osx_keychain
    cocoapods-plugins (0.4.2)
      nap
    cocoapods-stats (0.5.3)
      nap (~> 0.8)
    cocoapods-trunk (0.6.1)
      nap (>= 0.8)
      netrc (= 0.7.8)
    cocoapods-try (0.4.5)
    colored (1.2)
    dotenv (2.0.1)
    escape (0.0.4)
    faraday (0.9.1)
      multipart-post (>= 1.2, < 3)
    fuzzy_match (2.0.4)
    git (1.2.9.1)
    i18n (0.7.0)
    json (1.8.3)
    mini_magick (4.2.7)
    minitest (5.7.0)
    molinillo (0.3.0)
    multipart-post (2.0.0)
    nap (0.8.0)
    netrc (0.7.8)
    octokit (3.8.0)
      sawyer (~> 0.6.0, >= 0.5.3)
    osx_keychain (1.0.1)
      RubyInline (~> 3)
    plist (3.1.0)
    rake (10.0.4)
    sawyer (0.6.0)
      addressable (~> 2.3.5)
      faraday (~> 0.8, < 0.10)
    thread_safe (0.3.5)
    tzinfo (1.2.2)
      thread_safe (~> 0.1)
    xcodeproj (0.26.2)
      activesupport (>= 3)
      claide (~> 0.9.1)
      colored (~> 1.2)

PLATFORMS
  ruby

DEPENDENCIES
  cocoapods (~> 0.38.0)
  cocoapods-keys (~> 1.2.0)
  dotenv
  git
  mini_magick
  octokit (~> 3.0)
  plist
  rake (~> 10.0.0)
